GEM
  remote: https://rubygems.org/
  specs:
    addressable (2.3.8)
    blankslate (2.1.2.4)
    celluloid (0.16.0)
      timers (~> 4.0.0)
    classifier-reborn (2.0.3)
      fast-stemmer (~> 1.0)
    coffee-script (2.4.1)
      coffee-script-source
      execjs
    coffee-script-source (1.9.1.1)
    colorator (0.1)
    domain_name (0.5.24)
      unf (>= 0.0.5, < 1.0.0)
    excon (0.45.2)
    execjs (2.5.2)
    fast-stemmer (1.0.2)
    ffi (1.9.8)
    heroku (3.31.3)
      heroku-api (>= 0.3.19)
      launchy (>= 0.3.2)
      multi_json (>= 1.10)
      netrc (>= 0.10.0)
      rest-client (>= 1.6.0)
      rubyzip (>= 0.9.9)
    heroku-api (0.3.23)
      excon (~> 0.44)
      multi_json (~> 1.8)
    hitimes (1.2.2)
    http-cookie (1.0.2)
      domain_name (~> 0.5)
    jekyll (2.5.3)
      classifier-reborn (~> 2.0)
      colorator (~> 0.1)
      jekyll-coffeescript (~> 1.0)
      jekyll-gist (~> 1.0)
      jekyll-paginate (~> 1.0)
      jekyll-sass-converter (~> 1.0)
      jekyll-watch (~> 1.1)
      kramdown (~> 1.3)
      liquid (~> 2.6.1)
      mercenary (~> 0.3.3)
      pygments.rb (~> 0.6.0)
      redcarpet (~> 3.1)
      safe_yaml (~> 1.0)
      toml (~> 0.1.0)
    jekyll-coffeescript (1.0.1)
      coffee-script (~> 2.2)
    jekyll-gist (1.2.1)
    jekyll-paginate (1.1.0)
    jekyll-sass-converter (1.3.0)
      sass (~> 3.2)
    jekyll-watch (1.2.1)
      listen (~> 2.7)
    kramdown (1.6.0)
    launchy (2.4.3)
      addressable (~> 2.3)
    liquid (2.6.2)
    listen (2.10.0)
      celluloid (~> 0.16.0)
      rb-fsevent (>= 0.9.3)
      rb-inotify (>= 0.9)
    mercenary (0.3.5)
    mime-types (2.4.3)
    multi_json (1.11.0)
    netrc (0.10.3)
    octopress (3.0.0.rc.35)
      jekyll (~> 2.5)
      mercenary (~> 0.3.2)
      octopress-deploy
      octopress-escape-code (~> 2.0)
      octopress-hooks (~> 2.0)
      titlecase
    octopress-deploy (1.2.0)
      colorator
    octopress-escape-code (2.0.6)
      octopress-hooks (~> 2.0)
    octopress-hooks (2.6.0)
      jekyll (~> 2.0)
    parslet (1.5.0)
      blankslate (~> 2.0)
    posix-spawn (0.3.11)
    puma (2.11.2)
      rack (>= 1.1, < 2.0)
    pygments.rb (0.6.3)
      posix-spawn (~> 0.3.6)
      yajl-ruby (~> 1.2.0)
    rack (1.6.0)
    rack-jekyll (0.3.5)
      jekyll
      rack
    rb-fsevent (0.9.4)
    rb-inotify (0.9.5)
      ffi (>= 0.5.0)
    redcarpet (3.2.3)
    rest-client (1.8.0)
      http-cookie (>= 1.0.2, < 2.0)
      mime-types (>= 1.16, < 3.0)
      netrc (~> 0.7)
    rubyzip (1.1.7)
    safe_yaml (1.0.4)
    sass (3.4.13)
    timers (4.0.1)
      hitimes
    titlecase (0.1.1)
    toml (0.1.2)
      parslet (~> 1.5.0)
    unf (0.1.4)
      unf_ext
    unf_ext (0.0.7.1)
    yajl-ruby (1.2.1)

PLATFORMS
  ruby

DEPENDENCIES
  heroku
  jekyll
  octopress (~> 3.0.0.rc)
  puma
  rack-jekyll
